GEM
  remote: http://rubygems.org/
  specs:
    byebug (8.2.2)
    sqlite3 (1.3.11)

PLATFORMS
  ruby

DEPENDENCIES
  byebug
  sqlite3

BUNDLED WITH
   1.11.2
