GEM
  remote: http://rubygems.org/
  specs:
    byebug (8.2.2)
    httparty (0.13.7)
      json (~> 1.8)
      multi_xml (>= 0.5.2)
    json (1.8.3)
    multi_xml (0.5.5)
    sqlite3 (1.3.11)

PLATFORMS
  ruby

DEPENDENCIES
  byebug
  httparty
  sqlite3

BUNDLED WITH
   1.11.2
