GEM
  remote: http://rubygems.org/
  specs:
    byebug (8.2.2)
    mini_portile2 (2.0.0)
    nokogiri (1.6.7.2)
      mini_portile2 (~> 2.0.0.rc2)
    sqlite3 (1.3.11)

PLATFORMS
  ruby

DEPENDENCIES
  byebug
  nokogiri
  sqlite3

BUNDLED WITH
   1.11.2
